GEM
  remote: https://rubygems.org/
  specs:
    backports (3.6.6)
    gnuplot (2.6.2)
    nmatrix (0.2.0)
      packable (~> 1.3, >= 1.3.5)
    nmatrix-rowcol (0.2.0)
      nmatrix
    packable (1.3.6)
      backports

PLATFORMS
  ruby

DEPENDENCIES
  gnuplot
  nmatrix
  nmatrix-rowcol
